NUGET
  remote: http://api.nuget.org/v3/index.json
  specs:
    Autofac (3.5.2) - framework: >= net451
    AutoFixture (3.31.3) - framework: >= net452
    AWSSDK (2.3.50.1) - framework: >= net452
    CassandraCSharpDriver (2.6.0) - framework: >= net452
      lz4net (>= 1.0.5.93)
    EmitMapper (1.0.0) - framework: >= net451
    FluentAssertions (3.5.0) - framework: >= net452
    IronPython (2.7.5) - framework: >= net452
    lz4net (1.0.5.93) - framework: >= net451
    Machine.Specifications (0.9.3)
    Machine.Specifications.Should (0.7.2)
      Machine.Specifications (>= 0.7.0 < 1.0.0)
    Magnum (2.1.3)
      Newtonsoft.Json (>= 6.0.5)
    Microsoft.Tpl.Dataflow (4.5.24) - framework: >= net451
    mongocsharpdriver (2.0.1) - framework: >= net452
      MongoDB.Bson (>= 2.0.1)
      MongoDB.Driver (>= 2.0.1)
      MongoDB.Driver.Core (>= 2.0.1)
    MongoDB.Bson (2.0.1) - framework: >= net452
    MongoDB.Driver (2.0.1) - framework: >= net452
      MongoDB.Bson (>= 2.0.1)
      MongoDB.Driver.Core (>= 2.0.1)
    MongoDB.Driver.Core (2.0.1) - framework: >= net452
      MongoDB.Bson (>= 2.0.1)
    morelinq (1.1.1) - framework: >= net452
    Newtonsoft.Json (7.0.1)
    NLog (4.0.1) - framework: >= net452
    Nuget.CommandLine (3.3.0)
    TimePeriodLibrary.NET (2.0.0) - framework: >= net451
    xunit (2.0.0)
      xunit.assert (2.0.0)
      xunit.core (2.0.0)
    xunit.abstractions (2.0.0)
    xunit.assert (2.0.0)
    xunit.core (2.0.0)
      xunit.extensibility.core (2.0.0)
    xunit.extensibility.core (2.0.0)
      xunit.abstractions (2.0.0)
    xunit.extensions (2.0.0) - framework: >= net451
      xunit (2.0.0)
    YamlDotNet (3.6.1) - framework: >= net452
  remote: https://nuget.org/api/v2
  specs:
    NSubstitute (1.8.2.0) - framework: >= net452
